GIT
  remote: https://github.com/f1sales/f1sales_helpers
  revision: 3c3f8eb9679b4e6296f8929fb8a20813936b8205
  branch: master
  specs:
    f1sales_helpers (0.1.0)

GIT
  remote: https://github.com/marciok/f1sales_custom-email
  revision: 6cad18ba9095284c15da97d7afd50aa47cc711a8
  branch: master
  specs:
    f1sales_custom-email (0.1.0)

PATH
  remote: .
  specs:
    ornare (0.1.2)
      f1sales_custom-email
      f1sales_helpers

GEM
  remote: https://rubygems.org/
  specs:
    diff-lcs (1.3)
    rake (13.0.1)
    rspec (3.8.0)
      rspec-core (~> 3.8.0)
      rspec-expectations (~> 3.8.0)
      rspec-mocks (~> 3.8.0)
    rspec-core (3.8.0)
      rspec-support (~> 3.8.0)
    rspec-expectations (3.8.3)
      diff-lcs (>= 1.2.0, < 2.0)
      rspec-support (~> 3.8.0)
    rspec-mocks (3.8.0)
      diff-lcs (>= 1.2.0, < 2.0)
      rspec-support (~> 3.8.0)
    rspec-support (3.8.0)

PLATFORMS
  ruby

DEPENDENCIES
  bundler (~> 1.16)
  f1sales_custom-email!
  f1sales_helpers!
  ornare!
  rake (~> 13.0)
  rspec (~> 3.0)

BUNDLED WITH
   1.17.3
